PATH
  remote: .
  specs:
    a2zdeploy (1.0.12)

GEM
  remote: http://rubygems.org/
  specs:
    addressable (2.3.8)
    azdeploy (1.0.44)
    builder (3.2.2)
    highline (1.7.8)
    json (1.8.3)
    mini_portile (0.6.2)
    nokogiri (1.6.4.1-x86-mingw32)
      mini_portile (~> 0.6.0)
    rake (0.9.6)
    semver2 (3.3.3)

PLATFORMS
  x86-mingw32

DEPENDENCIES
  a2zdeploy!
  addressable (= 2.3.8)
  azdeploy
  builder (= 3.2.2)
  highline
  json
  nokogiri (= 1.6.4.1)
  rake (= 0.9.6)
  semver2 (= 3.3.3)

BUNDLED WITH
   1.11.2
